GEM
  remote: http://rubygems.org/
  specs:
    faraday (0.14.0)
      multipart-post (>= 1.2, < 3)
    faraday_middleware (0.12.2)
      faraday (>= 0.7.4, < 1.0)
    haml (5.0.4)
      temple (>= 0.8.0)
      tilt
    innate (2015.10.28)
      rack (~> 1.6.4)
    jdbc-postgres (42.1.4)
    jruby-jars (9.1.16.0)
    jruby-rack (1.1.21)
    json (2.1.0-java)
    multipart-post (2.0.0)
    rack (1.6.9)
    rake (12.3.1)
    ramaze (2012.12.08)
      innate (>= 2012.12)
      rake
    rubyzip (1.2.1)
    sequel (5.6.0)
    temple (0.8.0)
    tilt (2.0.8)
    warbler (2.0.4)
      jruby-jars (>= 9.0.0.0)
      jruby-rack (>= 1.1.1, < 1.3)
      rake (>= 10.1.0)
      rubyzip (~> 1.0, < 1.4)

PLATFORMS
  java

DEPENDENCIES
  faraday
  faraday_middleware
  haml
  jdbc-postgres
  json
  rake
  ramaze (>= 2.0.0)
  sequel
  warbler

BUNDLED WITH
   1.16.1
