GEM
  remote: http://rubygems.org/
  specs:
    coderay (1.1.2)
    connection_pool (2.2.2)
    domain_name (0.5.20180417)
      unf (>= 0.0.5, < 1.0.0)
    ffi (1.10.0-java)
    haml (5.0.4)
      temple (>= 0.8.0)
      tilt
    http-cookie (1.0.3)
      domain_name (~> 0.5)
    innate (2015.10.28)
      rack (~> 1.6.4)
    jdbc-postgres (42.1.4)
    jruby-jars (9.2.5.0)
    jruby-rack (1.1.21)
    json (2.1.0-java)
    mechanize (2.7.6)
      domain_name (~> 0.5, >= 0.5.1)
      http-cookie (~> 1.0)
      mime-types (>= 1.17.2)
      net-http-digest_auth (~> 1.1, >= 1.1.1)
      net-http-persistent (>= 2.5.2)
      nokogiri (~> 1.6)
      ntlm-http (~> 0.1, >= 0.1.1)
      webrobots (>= 0.0.9, < 0.2)
    method_source (0.9.2)
    mime-types (3.2.2)
      mime-types-data (~> 3.2015)
    mime-types-data (3.2018.0812)
    net-http-digest_auth (1.4.1)
    net-http-persistent (3.0.0)
      connection_pool (~> 2.2)
    nokogiri (1.10.1-java)
    ntlm-http (0.1.1)
    pdfkit (0.8.2)
    pry (0.12.2-java)
      coderay (~> 1.1.0)
      method_source (~> 0.9.0)
      spoon (~> 0.0)
    rack (1.6.11)
    rake (12.3.2)
    ramaze (2012.12.08)
      innate (>= 2012.12)
      rake
    rubyzip (1.2.2)
    sequel (5.17.0)
    spoon (0.0.6)
      ffi
    temple (0.8.0)
    tilt (2.0.9)
    unf (0.1.4-java)
    warbler (2.0.5)
      jruby-jars (>= 9.0.0.0)
      jruby-rack (>= 1.1.1, < 1.3)
      rake (>= 10.1.0)
      rubyzip (~> 1.0, < 1.4)
    webrobots (0.1.2)

PLATFORMS
  java

DEPENDENCIES
  haml
  jdbc-postgres
  json
  mechanize
  pdfkit
  pry
  rake
  ramaze (>= 2.0.0)
  sequel
  warbler

BUNDLED WITH
   1.17.1
